GEM
  remote: https://rubygems.org/
  specs:
    backports (2.3.0)
    capistrano (2.9.0)
      highline
      net-scp (>= 1.0.0)
      net-sftp (>= 2.0.0)
      net-ssh (>= 2.0.14)
      net-ssh-gateway (>= 1.1.0)
    coderay (0.9.8)
    diff-lcs (1.1.3)
    eventmachine (0.12.10)
    ffi (1.0.11)
    guard (0.10.0)
      ffi (>= 0.5.0)
      thor (~> 0.14.6)
    guard-rspec (0.6.0)
      guard (>= 0.10.0)
    highline (1.6.9)
    hiredis (0.4.4)
    kgio (2.7.2)
    metaclass (0.0.1)
    method_source (0.6.7)
      ruby_parser (>= 2.3.1)
    mocha (0.10.0)
      metaclass (~> 0.0.1)
    mustache (0.99.4)
    net-scp (1.0.4)
      net-ssh (>= 1.99.1)
    net-sftp (2.0.5)
      net-ssh (>= 2.0.9)
    net-ssh (2.3.0)
    net-ssh-gateway (1.1.0)
      net-ssh (>= 1.99.1)
    pry (0.9.7.4)
      coderay (~> 0.9.8)
      method_source (~> 0.6.7)
      ruby_parser (>= 2.3.1)
      slop (~> 2.1.0)
    rack (1.4.0)
    rack-protection (1.2.0)
      rack
    rack-test (0.6.1)
      rack (>= 1.0)
    raindrops (0.8.0)
    redis (2.2.2)
    rspec (2.8.0)
      rspec-core (~> 2.8.0)
      rspec-expectations (~> 2.8.0)
      rspec-mocks (~> 2.8.0)
    rspec-core (2.8.0)
    rspec-expectations (2.8.0)
      diff-lcs (~> 1.1.2)
    rspec-mocks (2.8.0)
    ruby_parser (2.3.1)
      sexp_processor (~> 3.0)
    sexp_processor (3.0.10)
    sinatra (1.3.2)
      rack (~> 1.3, >= 1.3.6)
      rack-protection (~> 1.2)
      tilt (~> 1.3, >= 1.3.3)
    sinatra-contrib (1.3.1)
      backports (>= 2.0)
      eventmachine
      rack-protection
      rack-test
      sinatra (~> 1.3.0)
      tilt (~> 1.3)
    sinatra-flash (0.3.0)
      sinatra (>= 1.0.0)
    sinatra-reloader (1.0)
      sinatra-contrib
    slop (2.1.0)
    sqlite3 (1.3.5)
    thor (0.14.6)
    tilt (1.3.3)
    unicorn (4.1.1)
      kgio (~> 2.4)
      rack
      raindrops (~> 0.6)

PLATFORMS
  ruby

DEPENDENCIES
  capistrano
  guard-rspec
  hiredis
  mocha
  mustache
  pry
  redis
  rspec
  sinatra
  sinatra-contrib
  sinatra-flash
  sinatra-reloader
  sqlite3
  unicorn
