GIT
  remote: git://github.com/rack/rack.git
  revision: 4c58e4d3088c08ae54f8c1883b62f6e727ea45d4
  specs:
    rack (1.4.1)

GEM
  remote: https://rubygems.org/
  specs:
    backports (2.3.0)
    capistrano (2.9.0)
      highline
      net-scp (>= 1.0.0)
      net-sftp (>= 2.0.0)
      net-ssh (>= 2.0.14)
      net-ssh-gateway (>= 1.1.0)
    chunky_png (1.2.5)
    coderay (1.0.5)
    compass (0.11.7)
      chunky_png (~> 1.2)
      fssm (>= 0.2.7)
      sass (~> 3.1)
    compass-h5bp (0.0.2)
      compass
    compass-susy-plugin (0.9)
      compass (>= 0.11.1)
    daemons (1.1.4)
    diff-lcs (1.1.3)
    eventmachine (0.12.10)
    fakeweb (1.3.0)
    ffi (1.0.11)
    fssm (0.2.8.1)
    guard (1.0.0)
      ffi (>= 0.5.0)
      thor (~> 0.14.6)
    guard-compass (0.0.6)
      compass (>= 0.10.5)
      guard (>= 0.2.1)
    guard-rspec (0.6.0)
      guard (>= 0.10.0)
    highline (1.6.11)
    hiredis (0.4.4)
    metaclass (0.0.1)
    method_source (0.7.0)
    mocha (0.10.3)
      metaclass (~> 0.0.1)
    mustache (0.99.4)
    net-scp (1.0.4)
      net-ssh (>= 1.99.1)
    net-sftp (2.0.5)
      net-ssh (>= 2.0.9)
    net-ssh (2.3.0)
    net-ssh-gateway (1.1.0)
      net-ssh (>= 1.99.1)
    nokogiri (1.5.0)
    pry (0.9.8)
      coderay (~> 1.0.5)
      method_source (~> 0.7)
      slop (>= 2.4.3, < 3)
    rack-protection (1.2.0)
      rack
    rack-test (0.6.1)
      rack (>= 1.0)
    rake (0.9.2.2)
    redis (2.2.2)
    rspec (2.8.0)
      rspec-core (~> 2.8.0)
      rspec-expectations (~> 2.8.0)
      rspec-mocks (~> 2.8.0)
    rspec-core (2.8.0)
    rspec-expectations (2.8.0)
      diff-lcs (~> 1.1.2)
    rspec-mocks (2.8.0)
    sass (3.1.12)
    sinatra (1.3.2)
      rack (~> 1.3, >= 1.3.6)
      rack-protection (~> 1.2)
      tilt (~> 1.3, >= 1.3.3)
    sinatra-contrib (1.3.1)
      backports (>= 2.0)
      eventmachine
      rack-protection
      rack-test
      sinatra (~> 1.3.0)
      tilt (~> 1.3)
    sinatra-flash (0.3.0)
      sinatra (>= 1.0.0)
    sinatra-reloader (1.0)
      sinatra-contrib
    slop (2.4.3)
    sqlite3 (1.3.5)
    thin (1.2.11)
      daemons (>= 1.0.9)
      eventmachine (>= 0.12.6)
      rack (>= 1.0.0)
    thor (0.14.6)
    tilt (1.3.3)
    vcr (2.0.0.rc1)

PLATFORMS
  ruby

DEPENDENCIES
  capistrano
  compass
  compass-h5bp
  compass-susy-plugin
  fakeweb
  guard-compass
  guard-rspec
  hiredis
  mocha
  mustache
  nokogiri
  pry
  rack!
  rake
  redis
  rspec
  sinatra
  sinatra-contrib
  sinatra-flash
  sinatra-reloader
  sqlite3
  thin
  vcr (>= 2.0.0.rc1)
